PATH
  remote: robinhood-ruby-0.4.4
  specs:
    robinhood-ruby (0.4.4)
      builder (>= 2.1.2)
      httparty
      jwt (~> 1.0)
      multi_json (>= 1.3.0)
      rack

GEM
  remote: https://rubygems.org/
  specs:
    builder (3.2.3)
    httparty (0.21.0)
      mini_mime (>= 1.0.0)
      multi_xml (>= 0.5.2)
    jwt (1.5.6)
    mini_mime (1.1.2)
    multi_json (1.13.1)
    multi_xml (0.6.0)
    rack (2.0.7)

PLATFORMS
  ruby

DEPENDENCIES
  httparty (= 0.21.0)
  robinhood-ruby!

BUNDLED WITH
   1.16.6
